GEM
  remote: https://rubygems.org/
  specs:
    sorbet (0.5.10600)
      sorbet-static (= 0.5.10600)
    sorbet-runtime (0.5.10600)
    sorbet-static (0.5.10600-universal-darwin-21)

PLATFORMS
  arm64-darwin-21

DEPENDENCIES
  sorbet
  sorbet-runtime

RUBY VERSION
   ruby 3.1.2p20

BUNDLED WITH
   2.3.14
